PATH
  remote: .
  specs:
    cramp (0.10.1)
      activesupport (>= 3.0.0.rc2)
      eventmachine (~> 0.12.10)
      rack (~> 1.2.0)

GEM
  remote: http://rubygems.org/
  specs:
    activemodel (3.0.0.rc2)
      activesupport (= 3.0.0.rc2)
      builder (~> 2.1.2)
      i18n (~> 0.4.1)
    activesupport (3.0.0.rc2)
    arel (0.4.0)
      activesupport (>= 3.0.0.beta)
    builder (2.1.2)
    daemons (1.1.0)
    eventmachine (0.12.10)
    http_router (0.3.13)
      rack (>= 1.0)
      url_mount (>= 0.2.1)
    i18n (0.4.1)
    mysqlplus (0.1.2)
    rack (1.2.1)
    thin (1.2.7)
      daemons (>= 1.0.9)
      eventmachine (>= 0.12.6)
      rack (>= 1.0.0)
    tramp (0.1)
      activemodel (~> 3.0.0.beta4)
      activesupport (~> 3.0.0.beta4)
      arel (~> 0.4.0)
      mysqlplus (~> 0.1.1)
    url_mount (0.2.1)
      rack

PLATFORMS
  ruby

DEPENDENCIES
  activemodel (>= 3.0.0.rc2)
  activesupport (>= 3.0.0.rc2)
  cramp!
  eventmachine (~> 0.12.10)
  http_router
  rack (~> 1.2.0)
  thin (~> 1.2.7)
  tramp (~> 0.1)
